GEM
  remote: https://rubygems.org/
  specs:
    activesupport (3.2.13)
      i18n (= 0.6.1)
      multi_json (~> 1.0)
    awesome_print (1.1.0)
    htmlentities (4.3.1)
    i18n (0.6.1)
    icalendar (1.3.0)
    multi_json (1.7.2)
    nokogiri (1.5.9)
    sinew (1.0.3)
      activesupport
      awesome_print
      htmlentities
      nokogiri
      stringex
      trollop
    stringex (1.5.1)
    trollop (2.0)

PLATFORMS
  ruby

DEPENDENCIES
  icalendar
  sinew
