GEM
  remote: https://rubygems.org/
  specs:
    activesupport (3.2.17)
      i18n (~> 0.6, >= 0.6.4)
      multi_json (~> 1.0)
    awesome_print (1.2.0)
    htmlentities (4.3.1)
    i18n (0.6.9)
    icalendar (1.5.3)
    mini_portile (0.5.3)
    multi_json (1.9.2)
    nokogiri (1.6.1)
      mini_portile (~> 0.5.0)
    sinew (1.0.4)
      activesupport (~> 3.0)
      awesome_print
      htmlentities
      nokogiri
      stringex (~> 2.0)
      trollop
    stringex (2.5.2)
    trollop (2.0)

PLATFORMS
  ruby

DEPENDENCIES
  icalendar
  sinew
